GEM
  remote: https://rubygems.org/
  specs:
    abort_if (0.2.0)
    parallel (1.12.1)
    parse_fasta (2.4.2)
    pasv_lib (0.1.1)
      systemu (~> 2.6, >= 2.6.5)
    stat_c (0.3.0)
    systemu (2.6.5)
    trollop (2.1.2)

PLATFORMS
  ruby

DEPENDENCIES
  abort_if (~> 0.2.0)
  parallel (~> 1.12, >= 1.12.1)
  parse_fasta (~> 2.3)
  pasv_lib (~> 0.1.1)
  stat_c (~> 0.3.0)
  trollop (~> 2.1, >= 2.1.2)

BUNDLED WITH
   1.15.4
